GEM
  remote: https://rubygems.org/
  specs:
    elasticsearch (6.1.0)
      elasticsearch-api (= 6.1.0)
      elasticsearch-transport (= 6.1.0)
    elasticsearch-api (6.1.0)
      multi_json
    elasticsearch-transport (6.1.0)
      faraday
      multi_json
    faraday (0.15.4)
      multipart-post (>= 1.2, < 3)
    multi_json (1.13.1)
    multipart-post (2.0.0)
    thor (0.20.3)

PLATFORMS
  ruby

DEPENDENCIES
  elasticsearch
  thor

BUNDLED WITH
   2.0.1
